GIT
  remote: https://github.com/LVALL/html_maker
  revision: 26c33bae48106a8e496550c2e22fef29871e5480
  specs:
    html_maker (0.0.6)

GEM
  remote: https://rubygems.org/
  specs:

PLATFORMS
  ruby

DEPENDENCIES
  html_maker!

BUNDLED WITH
   2.1.4
