GIT
  remote: https://github.com/LVALL/html_maker
  revision: 7413c0b3a97b1e47283c934fdd343b3f9ebc83ef
  specs:
    html_maker (0.0.9)

GEM
  remote: https://rubygems.org/
  specs:

PLATFORMS
  ruby

DEPENDENCIES
  html_maker (>= 0.0.9)!

BUNDLED WITH
   2.1.4
