GIT
  remote: https://github.com/LVALL/html_maker
  revision: aef59de7dab0f52efb71b3ba0f957f951b038cc7
  specs:
    html_maker (0.0.7)

GEM
  remote: https://rubygems.org/
  specs:

PLATFORMS
  ruby

DEPENDENCIES
  html_maker (>= 0.0.7)!

BUNDLED WITH
   2.1.4
