GIT
  remote: https://github.com/LVALL/html_maker
  revision: eaf67b848ae5f215ecc9faee5227545e53674dfb
  specs:
    html_maker (0.1.1)

GEM
  remote: https://rubygems.org/
  specs:

PLATFORMS
  ruby

DEPENDENCIES
  html_maker (>= 0.1.1)!

BUNDLED WITH
   2.1.4
