GIT
  remote: https://github.com/LVALL/html_maker
  revision: 707d1cb915ba9259858c2be1cb4c339097b17dd2
  specs:
    html_maker (0.1.0)

GEM
  remote: https://rubygems.org/
  specs:

PLATFORMS
  ruby

DEPENDENCIES
  html_maker (>= 0.1.0)!

BUNDLED WITH
   2.1.4
