GEM
  remote: https://rubygems.org/
  specs:
    forty_two (0.0.6)

PLATFORMS
  ruby

DEPENDENCIES
  forty_two

BUNDLED WITH
   2.1.4
